PATH
  remote: .
  specs:
    pdqtest (0.8.0)
      docker-api (= 1.33.1)
      escort (= 0.4.0)
      git_refresh (= 0.1.1)
      hiera (= 3.4.0)
      librarian-puppet (= 2.2.3)
      minitar (= 0.6.1)
      puppet-lint (= 2.1.0)
      puppet-syntax (= 2.2.0)
      puppet_factset (= 0.5.0)
      puppetlabs_spec_helper (= 1.2.2)
      rake (= 12.0.0)
      rspec (= 3.5.0)
      thor (= 0.19.4)

GEM
  remote: https://rubygems.org/
  specs:
    coveralls (0.8.21)
      json (>= 1.8, < 3)
      simplecov (~> 0.14.1)
      term-ansicolor (~> 1.3)
      thor (~> 0.19.4)
      tins (~> 1.6)
    diff-lcs (1.3)
    docile (1.1.5)
    docker-api (1.33.1)
      excon (>= 0.38.0)
      json
    escort (0.4.0)
      nesty
    excon (0.59.0)
    facter (2.5.1)
    fakefs (0.11.0)
    faraday (0.9.2)
      multipart-post (>= 1.2, < 3)
    faraday_middleware (0.10.1)
      faraday (>= 0.7.4, < 1.0)
    fast_gettext (1.1.0)
    gettext (3.2.4)
      locale (>= 2.0.5)
      text (>= 1.3.0)
    gettext-setup (0.28)
      fast_gettext (~> 1.1.0)
      gettext (>= 3.0.2)
      locale
    git_refresh (0.1.1)
      escort (= 0.4.0)
    hiera (3.4.0)
    json (2.1.0)
    json_pure (1.8.6)
    librarian-puppet (2.2.3)
      librarianp (>= 0.6.3)
      puppet_forge (~> 2.1)
      rsync
    librarianp (0.6.3)
      thor (~> 0.15)
    locale (2.1.2)
    metaclass (0.0.4)
    minitar (0.6.1)
    mocha (1.3.0)
      metaclass (~> 0.0.1)
    multipart-post (2.0.0)
    nesty (1.0.2)
    puppet (4.10.8)
      facter (> 2.0, < 4)
      gettext-setup (>= 0.10, < 1)
      hiera (>= 2.0, < 4)
      json_pure (~> 1.8)
      locale (~> 2.1)
    puppet-lint (2.1.0)
    puppet-syntax (2.2.0)
      rake
    puppet_factset (0.5.0)
    puppet_forge (2.2.7)
      faraday (~> 0.9.0)
      faraday_middleware (>= 0.9.0, < 0.11.0)
      gettext-setup (~> 0.11)
      minitar
      semantic_puppet (~> 1.0)
    puppetlabs_spec_helper (1.2.2)
      mocha (~> 1.0)
      puppet-lint (~> 2.0)
      puppet-syntax (~> 2.0)
      rspec-puppet (~> 2.0)
    rake (12.0.0)
    rspec (3.5.0)
      rspec-core (~> 3.5.0)
      rspec-expectations (~> 3.5.0)
      rspec-mocks (~> 3.5.0)
    rspec-core (3.5.4)
      rspec-support (~> 3.5.0)
    rspec-expectations (3.5.0)
      diff-lcs (>= 1.2.0, < 2.0)
      rspec-support (~> 3.5.0)
    rspec-mocks (3.5.0)
      diff-lcs (>= 1.2.0, < 2.0)
      rspec-support (~> 3.5.0)
    rspec-puppet (2.6.9)
      rspec
    rspec-support (3.5.0)
    rsync (1.0.9)
    semantic_puppet (1.0.1)
      gettext-setup (>= 0.3)
    simplecov (0.14.1)
      docile (~> 1.1.0)
      json (>= 1.8, < 3)
      simplecov-html (~> 0.10.0)
    simplecov-html (0.10.2)
    term-ansicolor (1.6.0)
      tins (~> 1.0)
    text (1.3.1)
    thor (0.19.4)
    tins (1.15.0)

PLATFORMS
  ruby

DEPENDENCIES
  bundler (~> 1.15)
  coveralls (= 0.8.21)
  fakefs (= 0.11.0)
  pdqtest!
  puppet (= 4.10.8)

BUNDLED WITH
   1.15.4
